GEM
  remote: https://rubygems.org/
  specs:
    execjs (2.0.2)
    ffi (1.9.18)
    hike (1.2.3)
    i18n (0.7.0)
    json (1.8.2)
    multi_json (1.10.1)
    power_assert (0.2.2)
    puma (3.3.0)
    rack (1.6.0)
    rack-protection (1.5.3)
      rack
    rack-test (0.6.3)
      rack (>= 1.0)
    rake (10.4.2)
    rb-fsevent (0.10.2)
    rb-inotify (0.9.10)
      ffi (>= 0.5.0, < 2)
    sass (3.5.1)
      sass-listen (~> 4.0.0)
    sass-listen (4.0.0)
      rb-fsevent (~> 0.9, >= 0.9.4)
      rb-inotify (~> 0.9, >= 0.9.7)
    sinatra (1.4.6)
      rack (~> 1.4)
      rack-protection (~> 1.4)
      tilt (>= 1.3, < 3)
    sprockets (2.12.3)
      hike (~> 1.2)
      multi_json (~> 1.0)
      rack (~> 1.0)
      tilt (~> 1.1, != 1.3.0)
    test-unit (3.0.8)
      power_assert
    tilt (1.4.1)
    uglifier (2.5.0)
      execjs (>= 0.3.0)
      json (>= 1.8.0)

PLATFORMS
  ruby

DEPENDENCIES
  i18n
  puma (~> 3.1)
  rack
  rack-test
  rake
  sass
  sinatra
  sprockets
  test-unit
  uglifier

RUBY VERSION
   ruby 2.2.4p230

BUNDLED WITH
   1.15.3
